GEM
  remote: http://rubygems.org/
  specs:
    lispy (0.0.5)

PLATFORMS
  ruby

DEPENDENCIES
  lispy
